GEM
  remote: https://rubygems.org/
  specs:
    commander (4.3.7)
      highline (~> 1.7.2)
    dotenv (0.9.0)
    faraday (0.9.2)
      multipart-post (>= 1.2, < 3)
    foreman (0.63.0)
      dotenv (>= 0.7)
      thor (>= 0.13.6)
    highline (1.7.8)
    houston (2.2.3)
      commander (~> 4.1)
      json
    json (1.8.3)
    multipart-post (2.0.0)
    thor (0.18.1)

PLATFORMS
  ruby

DEPENDENCIES
  faraday
  foreman
  houston

BUNDLED WITH
   1.11.2
