GEM
  remote: https://rubygems.org/
  specs:
    active_support (3.0.0)
      activesupport (= 3.0.0)
    activesupport (3.0.0)
    atomic (1.1.14)
    dotenv (0.9.0)
    faraday (0.8.9)
      multipart-post (~> 1.2.0)
    faraday_middleware (0.9.0)
      faraday (>= 0.7.4, < 0.9)
    foreman (0.63.0)
      dotenv (>= 0.7)
      thor (>= 0.13.6)
    i18n (0.6.9)
    multipart-post (1.2.0)
    thor (0.18.1)
    thread_safe (0.1.3)
      atomic
    tzinfo (1.1.0)
      thread_safe (~> 0.1)
    zero_push (2.1.0)
      faraday (~> 0.8.5)
      faraday_middleware (~> 0.9.0)

PLATFORMS
  ruby

DEPENDENCIES
  active_support
  foreman
  i18n
  tzinfo
  zero_push
